PATH
  remote: .
  specs:
    finance (2.0.2)
      activesupport (>= 3.2.0)
      business_time (>= 0.9.2)
      flt (>= 1.3.0)
      rake

GEM
  remote: http://rubygems.org/
  specs:
    activesupport (6.1.4.1)
      concurrent-ruby (~> 1.0, >= 1.0.2)
      i18n (>= 1.6, < 2)
      minitest (>= 5.1)
      tzinfo (~> 2.0)
    business_time (0.11.0)
      activesupport (>= 3.2.0)
      sorted_set
      tzinfo
    coderay (1.1.2)
    concurrent-ruby (1.1.9)
    flt (1.5.4)
    i18n (1.9.1)
      concurrent-ruby (~> 1.0)
    method_source (0.9.2)
    minitest (5.11.3)
    pry (0.12.2)
      coderay (~> 1.1.0)
      method_source (~> 0.9.0)
    rake (13.0.6)
    rbtree (0.4.5)
    set (1.0.2)
    sorted_set (1.0.3)
      rbtree
      set (~> 1.0)
    tzinfo (2.0.4)
      concurrent-ruby (~> 1.0)

PLATFORMS
  ruby

DEPENDENCIES
  finance!
  minitest (>= 4.7.5)
  pry

BUNDLED WITH
   2.3.6
